GEM
  remote: http://rubygems.org/
  specs:
    RedCloth (4.2.3)
    builder (2.1.2)
    crack (0.1.8)
    diff-lcs (1.1.2)
    gemcutter (0.6.1)
    git (1.2.5)
    jeweler (1.4.0)
      gemcutter (>= 0.1.0)
      git (>= 1.2.5)
      rubyforge (>= 2.0.0)
    json_pure (1.4.6)
    rspec (2.1.0)
      rspec-core (~> 2.1.0)
      rspec-expectations (~> 2.1.0)
      rspec-mocks (~> 2.1.0)
    rspec-core (2.1.0)
    rspec-expectations (2.1.0)
      diff-lcs (~> 1.1.2)
    rspec-mocks (2.1.0)
    rubyforge (2.0.4)
      json_pure (>= 1.1.7)
    savon (0.7.9)
      builder (>= 2.1.2)
      crack (>= 0.1.4)
    yard (0.6.1)

PLATFORMS
  ruby

DEPENDENCIES
  RedCloth
  jeweler
  rspec
  savon
  yard
