GEM
  remote: http://rubygems.org/
  specs:
    RedCloth (4.2.7)
    akami (1.0.0)
      gyoku (>= 0.4.0)
    builder (3.0.0)
    diff-lcs (1.1.2)
    git (1.2.5)
    gyoku (0.4.4)
      builder (>= 2.1.2)
    httpclient (2.2.1)
    httpi (0.9.5)
      rack
    jeweler (1.6.4)
      bundler (~> 1.0)
      git (>= 1.2.5)
      rake
    nokogiri (1.5.0)
    nori (1.0.2)
    rack (1.3.0)
    rake (0.9.2)
    rspec (2.6.0)
      rspec-core (~> 2.6.0)
      rspec-expectations (~> 2.6.0)
      rspec-mocks (~> 2.6.0)
    rspec-core (2.6.4)
    rspec-expectations (2.6.0)
      diff-lcs (~> 1.1.2)
    rspec-mocks (2.6.0)
    savon (0.9.6)
      akami (~> 1.0)
      builder (>= 2.1.2)
      gyoku (>= 0.4.0)
      httpi (~> 0.9)
      nokogiri (>= 1.4.0)
      nori (~> 1.0)
      wasabi (~> 2.0)
    wasabi (2.0.0)
      nokogiri (>= 1.4.0)
    yard (0.7.2)

PLATFORMS
  ruby

DEPENDENCIES
  RedCloth
  httpclient
  jeweler
  rspec
  savon (>= 0.9)
  yard
